GEM
  remote: https://rubygems.org/
  specs:
    cleverbot_io (1.2.2)
      httpclient (~> 2.8)
      oj (~> 2.15)
    eventmachine (1.2.1)
    faraday (0.10.1)
      multipart-post (>= 1.2, < 3)
    faye-websocket (0.10.5)
      eventmachine (>= 0.12.0)
      websocket-driver (>= 0.5.1)
    http_router (0.11.2)
      rack (>= 1.0.0)
      url_mount (~> 0.2.1)
    httpclient (2.8.3)
    i18n (0.7.0)
    ice_nine (0.11.2)
    json (2.0.2)
    lita (4.7.1)
      bundler (>= 1.3)
      faraday (>= 0.8.7)
      http_router (>= 0.11.2)
      i18n (>= 0.6.9)
      ice_nine (>= 0.11.0)
      multi_json (>= 1.7.7)
      puma (>= 2.7.1)
      rack (>= 1.5.2, < 2.0.0)
      rb-readline (>= 0.5.1)
      redis-namespace (>= 1.3.0)
      thor (>= 0.18.1)
    lita-slack (1.8.0)
      eventmachine
      faraday
      faye-websocket (>= 0.8.0)
      lita (>= 4.7.1)
      multi_json
    multi_json (1.12.1)
    multipart-post (2.0.0)
    oj (2.18.0)
    puma (3.6.2)
    rack (1.6.5)
    rb-readline (0.5.3)
    redis (3.3.2)
    redis-namespace (1.5.2)
      redis (~> 3.0, >= 3.0.4)
    thor (0.19.4)
    url_mount (0.2.1)
      rack
    websocket-driver (0.6.4)
      websocket-extensions (>= 0.1.0)
    websocket-extensions (0.1.2)

PLATFORMS
  ruby

DEPENDENCIES
  cleverbot_io
  json
  lita
  lita-slack

RUBY VERSION
   ruby 2.4.0p0

BUNDLED WITH
   1.13.7
